GEM
  remote: https://rubygems.org
  specs:
    ffi (1.16.3)
