GEM
  remote: https://rubygems.org/
  specs:
    ffi (1.16.3)
    ffi (1.16.3-x86-mingw32)
    ffi (1.16.3-x64-mingw-ucrt)
    ffi (1.16.3-x64-mingw32)
