GEM
  remote: https://rubygems.org
  specs:
    ffi (.16.3)
